PATH
  remote: .
  specs:
    perceptron_ruby (0.1.4)

GEM
  remote: https://rubygems.org/
  specs:
    minitest (5.11.3)
    rake (13.0.3)

PLATFORMS
  ruby

DEPENDENCIES
  bundler (~> 2.2)
  minitest (~> 5.0)
  perceptron_ruby!
  rake (~> 13.0)

BUNDLED WITH
   2.2.15
